GEM
  specs:
    minitest (5.18.0)

PLATFORMS
  arm64-darwin-23
  x86_64-darwin-21

DEPENDENCIES
  minitest (~> 5.18)

BUNDLED WITH
   2.5.17
